GIT
  remote: https://github.com/gollum/gollum-lib.git
  revision: e2292e1ececde82f5052d261f642392c3abffb63
  branch: gollum-lib-5.x
  specs:
    gollum-lib (5.0.a.4-java)
      gemojione (~> 3.2)
      github-markup (~> 1.6)
      gollum-rjgit_adapter (~> 0.3.4)
      nokogiri (~> 1.8)
      rouge (~> 3.1)
      sanitize (~> 2.1)
      stringex (~> 2.6)
      twitter-text (= 1.14.7)

GIT
  remote: https://github.com/repotag/gollum-lib_rjgit_adapter
  revision: b5066915c89551c1a5d4ce5bfd9141cdad4e5a66
  specs:
    gollum-rjgit_adapter (0.3.4-java)
      rjgit (~> 5.0)

PATH
  remote: .
  specs:
    gollum (5.0.1b)
      gemojione (~> 3.2)
      kramdown (~> 1.9.0)
      mustache (>= 0.99.5, < 1.0.0)
      sass (~> 3.5)
      sinatra (~> 2.0)
      sprockets (~> 3.7)
      sprockets-helpers (~> 1.2)
      uglifier (~> 3.2)
      useragent (~> 0.16.2)

GEM
  remote: https://rubygems.org/
  specs:
    activesupport (4.0.13)
      i18n (~> 0.6, >= 0.6.9)
      minitest (~> 4.2)
      multi_json (~> 1.3)
      thread_safe (~> 0.1)
      tzinfo (~> 0.3.37)
    ansi (1.5.0)
    builder (3.2.3)
    camertron-eprun (1.1.1)
    cldr-plurals-runtime-rb (1.0.1)
    concurrent-ruby (1.0.5-java)
    execjs (2.7.0)
    ffi (1.9.25-java)
    gemojione (3.3.0)
      json
    github-markup (1.7.0)
    hashie (3.6.0)
    i18n (0.9.5)
      concurrent-ruby (~> 1.0)
    json (2.1.0-java)
    kramdown (1.9.0)
    metaclass (0.0.4)
    mime-types (1.25.1)
    minitest (4.7.5)
    minitest-reporters (0.14.24)
      ansi
      builder
      minitest (>= 2.12, < 5.0)
      powerbar
    mocha (1.1.0)
      metaclass (~> 0.0.1)
    multi_json (1.13.1)
    mustache (0.99.8)
    mustermann (1.0.3)
    nokogiri (1.8.4-java)
    power_assert (1.1.3)
    powerbar (2.0.1)
      hashie (>= 1.1.0)
    rack (2.0.5)
    rack-protection (2.0.4)
      rack
    rack-test (0.6.3)
      rack (>= 1.0)
    rake (11.3.0)
    rb-fsevent (0.10.3)
    rb-inotify (0.9.10)
      ffi (>= 0.5.0, < 2)
    rjgit (5.1.1.0)
      mime-types (~> 1.15)
    rouge (3.2.1)
    sanitize (2.1.0)
      nokogiri (>= 1.4.4)
    sass (3.6.0)
      sass-listen (~> 4.0.0)
    sass-listen (4.0.0)
      rb-fsevent (~> 0.9, >= 0.9.4)
      rb-inotify (~> 0.9, >= 0.9.7)
    shoulda (3.5.0)
      shoulda-context (~> 1.0, >= 1.0.1)
      shoulda-matchers (>= 1.4.1, < 3.0)
    shoulda-context (1.2.2)
    shoulda-matchers (2.8.0)
      activesupport (>= 3.0.0)
    sinatra (2.0.4)
      mustermann (~> 1.0)
      rack (~> 2.0)
      rack-protection (= 2.0.4)
      tilt (~> 2.0)
    sprockets (3.7.2)
      concurrent-ruby (~> 1.0)
      rack (> 1, < 3)
    sprockets-helpers (1.2.1)
      sprockets (>= 2.2)
    stringex (2.8.4)
    test-unit (3.1.9)
      power_assert
    thread_safe (0.3.6-java)
    tilt (2.0.8)
    twitter-text (1.14.7)
      unf (~> 0.1.0)
    twitter_cldr (3.2.1)
      camertron-eprun
      cldr-plurals-runtime-rb (~> 1.0.0)
      json
      tzinfo
    tzinfo (0.3.54)
    uglifier (3.2.0)
      execjs (>= 0.3.0, < 3)
    unf (0.1.4-java)
    useragent (0.16.10)
    webrick (1.3.1)

PLATFORMS
  java

DEPENDENCIES
  gollum!
  gollum-lib!
  gollum-rjgit_adapter!
  minitest-reporters (~> 0.14.16)
  mocha (~> 1.1.0)
  rack-test (~> 0.6.2)
  rake (~> 11.2)
  shoulda (~> 3.5.0)
  test-unit (~> 3.1.0)
  twitter_cldr (~> 3.2.0)
  webrick (~> 1.3.1)

RUBY VERSION
   ruby 2.5.0p0 (jruby 9.2.0.0)

BUNDLED WITH
   1.16.5
